GIT
  remote: git://github.com/RiotGames/berkshelf-vagrant.git
  revision: f010086cf99ed4e6be83bea5c53feaae1bfe9201
  specs:
    berkshelf-vagrant (1.0.6)
      activesupport (>= 3.2.0, < 3.2.13)
      berkshelf (>= 1.3.0)
      i18n (~> 0.6.0)
      json (>= 1.5.1, < 1.8.0)
      net-scp (~> 1.1.0)
      net-ssh (~> 2.6.6)

GIT
  remote: git://github.com/RiotGames/berkshelf.git
  revision: 727d5857be769d4131be5f4a6d56c0fbb1ffee9a
  specs:
    berkshelf (1.4.0.rc1)
      activesupport (>= 3.2.0)
      celluloid (>= 0.13.0)
      chozo (>= 0.6.1)
      faraday (>= 0.8.5)
      hashie (>= 2.0.2)
      json (>= 1.5.0)
      minitar
      mixlib-config (~> 1.1)
      mixlib-shellout (~> 1.1)
      multi_json (~> 1.5)
      retryable
      ridley (~> 0.9.0)
      solve (>= 0.4.2)
      thor (~> 0.16.0)
      yajl-ruby

GIT
  remote: git://github.com/opscode/chef.git
  revision: 6a6b2f7e54d9ffb75089f73311766b3f2e14f90d
  specs:
    chef (11.4.0)
      erubis
      highline (>= 1.6.9)
      json (>= 1.4.4, <= 1.7.7)
      mixlib-authentication (>= 1.3.0)
      mixlib-cli (~> 1.3.0)
      mixlib-config (>= 1.1.2)
      mixlib-log (>= 1.3.0)
      mixlib-shellout
      net-ssh (~> 2.6)
      net-ssh-multi (~> 1.1.0)
      ohai (>= 0.6.0)
      rest-client (>= 1.0.4, < 1.7.0)
      yajl-ruby (~> 1.1)

GEM
  remote: https://rubygems.org/
  specs:
    activesupport (3.2.12)
      i18n (~> 0.6)
      multi_json (~> 1.0)
    addressable (2.3.3)
    archive-tar-minitar (0.5.2)
    celluloid (0.13.0)
      timers (>= 1.0.0)
    chozo (0.6.1)
      activesupport (>= 3.2.0)
      hashie (>= 2.0.2)
      multi_json (>= 1.3.0)
    erubis (2.7.0)
    faraday (0.8.7)
      multipart-post (~> 1.1)
    ffi (1.5.0)
    hashie (2.0.3)
    highline (1.6.16)
    i18n (0.6.4)
    ipaddress (0.8.0)
    json (1.7.7)
    knife-solo (0.2.0)
      chef (>= 10.12)
      librarian (~> 0.0.20)
      net-ssh (>= 2.2.2, < 3.0)
    librarian (0.0.26)
      archive-tar-minitar (>= 0.5.2)
      chef (>= 0.10)
      highline
      thor (~> 0.15)
    mime-types (1.21)
    minitar (0.5.4)
    mixlib-authentication (1.3.0)
      mixlib-log
    mixlib-cli (1.3.0)
    mixlib-config (1.1.2)
    mixlib-log (1.4.1)
    mixlib-shellout (1.1.0)
    multi_json (1.7.2)
    multipart-post (1.2.0)
    net-http-persistent (2.8)
    net-scp (1.1.0)
      net-ssh (>= 2.6.5)
    net-ssh (2.6.6)
    net-ssh-gateway (1.2.0)
      net-ssh (>= 2.6.5)
    net-ssh-multi (1.1)
      net-ssh (>= 2.1.4)
      net-ssh-gateway (>= 0.99.0)
    ohai (6.16.0)
      ipaddress
      mixlib-cli
      mixlib-config
      mixlib-log
      mixlib-shellout
      systemu
      yajl-ruby
    oj (2.0.10)
    rest-client (1.6.7)
      mime-types (>= 1.16)
    retryable (1.3.2)
    ridley (0.9.0)
      activesupport (>= 3.2.0)
      addressable
      celluloid (~> 0.13.0)
      chozo (>= 0.6.0)
      erubis
      faraday (>= 0.8.4)
      json (>= 1.5.0)
      mixlib-authentication (>= 1.3.0)
      mixlib-config (>= 1.1.0)
      mixlib-log (>= 1.3.0)
      mixlib-shellout (>= 1.1.0)
      multi_json (>= 1.0.4)
      net-http-persistent (>= 2.8)
      net-ssh
      retryable
      solve (>= 0.4.1)
    solve (0.4.2)
      json
    systemu (2.5.2)
    thor (0.16.0)
    timers (1.1.0)
    yajl-ruby (1.1.0)

PLATFORMS
  ruby

DEPENDENCIES
  berkshelf!
  berkshelf-vagrant!
  chef!
  ffi (>= 1.2.0)
  knife-solo
  multi_json
  oj
