GIT
  remote: git://github.com/RiotGames/berkshelf.git
  revision: b3eeaa69f871433ca2fc80a9cd1469748104ebce
  branch: fix-for-chef-11
  specs:
    berkshelf (1.1.2)
      activesupport
      chef (>= 10.16.2)
      chozo (>= 0.2.3)
      hashie
      minitar
      multi_json (>= 1.3.0)
      ridley (>= 0.6.3)
      solve (>= 0.4.0.rc1)
      thor (~> 0.16.0)
      vagrant (~> 1.0.5)
      yajl-ruby

GEM
  remote: http://rubygems.org/
  specs:
    activemodel (3.2.12)
      activesupport (= 3.2.12)
      builder (~> 3.0.0)
    activesupport (3.2.12)
      i18n (~> 0.6)
      multi_json (~> 1.0)
    addressable (2.3.2)
    archive-tar-minitar (0.5.2)
    builder (3.0.4)
    celluloid (0.12.4)
      facter (>= 1.6.12)
      timers (>= 1.0.0)
    chef (11.0.0)
      erubis
      highline (>= 1.6.9)
      json (>= 1.4.4, <= 1.6.1)
      mixlib-authentication (>= 1.3.0)
      mixlib-cli (~> 1.3.0)
      mixlib-config (>= 1.1.2)
      mixlib-log (>= 1.3.0)
      mixlib-shellout
      net-ssh (~> 2.2.2)
      net-ssh-multi (~> 1.1.0)
      ohai (>= 0.6.0)
      rest-client (>= 1.0.4, < 1.7.0)
      yajl-ruby (~> 1.1)
    childprocess (0.3.8)
      ffi (~> 1.0, >= 1.0.11)
    chozo (0.4.2)
      activesupport (>= 3.2.0)
      hashie
      multi_json (>= 1.3.0)
    erubis (2.7.0)
    facter (1.6.17)
    faraday (0.8.5)
      multipart-post (~> 1.1)
    ffi (1.2.1)
    hashie (2.0.0)
    highline (1.6.15)
    i18n (0.6.1)
    ipaddress (0.8.0)
    json (1.5.5)
    knife-solo (0.2.0)
      chef (>= 10.12)
      librarian (~> 0.0.20)
      net-ssh (>= 2.2.2, < 3.0)
    librarian (0.0.26)
      archive-tar-minitar (>= 0.5.2)
      chef (>= 0.10)
      highline
      thor (~> 0.15)
    log4r (1.1.10)
    mime-types (1.21)
    minitar (0.5.4)
    mixlib-authentication (1.3.0)
      mixlib-log
    mixlib-cli (1.3.0)
    mixlib-config (1.1.2)
    mixlib-log (1.4.1)
    mixlib-shellout (1.1.0)
    multi_json (1.6.1)
    multipart-post (1.1.5)
    net-http-persistent (2.8)
    net-scp (1.0.4)
      net-ssh (>= 1.99.1)
    net-ssh (2.2.2)
    net-ssh-gateway (1.1.0)
      net-ssh (>= 1.99.1)
    net-ssh-multi (1.1)
      net-ssh (>= 2.1.4)
      net-ssh-gateway (>= 0.99.0)
    ohai (6.16.0)
      ipaddress
      mixlib-cli
      mixlib-config
      mixlib-log
      mixlib-shellout
      systemu
      yajl-ruby
    oj (2.0.4)
    rest-client (1.6.7)
      mime-types (>= 1.16)
    ridley (0.6.3)
      activemodel (>= 3.2.0)
      activesupport (>= 3.2.0)
      addressable
      celluloid
      chozo (>= 0.2.2)
      erubis
      faraday
      json (>= 1.5.0)
      mixlib-authentication
      mixlib-log
      multi_json (>= 1.0.4)
      net-http-persistent (>= 2.8)
      net-ssh
    solve (0.4.1)
      json
    systemu (2.5.2)
    thor (0.16.0)
    timers (1.1.0)
    vagrant (1.0.6)
      archive-tar-minitar (= 0.5.2)
      childprocess (~> 0.3.1)
      erubis (~> 2.7.0)
      i18n (~> 0.6.0)
      json (~> 1.5.1)
      log4r (~> 1.1.9)
      net-scp (~> 1.0.4)
      net-ssh (~> 2.2.2)
    yajl-ruby (1.1.0)

PLATFORMS
  ruby

DEPENDENCIES
  berkshelf!
  ffi (~> 1.2.0)
  knife-solo
  multi_json
  oj
  vagrant
